GEM
  remote: https://rubygems.org/
  specs:
    addressable (2.5.0)
      public_suffix (~> 2.0, >= 2.0.2)
    coderay (1.1.1)
    dotenv (2.2.0)
    launchy (2.4.3)
      addressable (~> 2.3)
    method_source (0.8.2)
    mini_portile2 (2.3.0)
    mustermann (1.0.2)
    nokogiri (1.8.4)
      mini_portile2 (~> 2.3.0)
    oauth (0.5.1)
    pry (0.10.4)
      coderay (~> 1.1.0)
      method_source (~> 0.8.1)
      slop (~> 3.4)
    public_suffix (2.0.5)
    rack (2.0.6)
    rack-protection (2.0.3)
      rack
    sequel (4.43.0)
    sinatra (2.0.3)
      mustermann (~> 1.0)
      rack (~> 2.0)
      rack-protection (= 2.0.3)
      tilt (~> 2.0)
    slop (3.6.0)
    sqlite3 (1.3.13)
    tilt (2.0.8)

PLATFORMS
  ruby

DEPENDENCIES
  dotenv (~> 2.2.0)
  launchy (~> 2.4.3)
  nokogiri (~> 1.8.0)
  oauth (~> 0.5.1)
  pry (~> 0.10.4)
  sequel (~> 4.43.0)
  sinatra (~> 2.0.0)
  sqlite3 (~> 1.3.13)

BUNDLED WITH
   1.16.2
