GEM
  remote: https://rubygems.org/
  specs:
    coderay (1.1.1)
    dotenv (2.2.0)
    method_source (0.8.2)
    mini_portile2 (2.8.5)
    mustermann (2.0.2)
      ruby2_keywords (~> 0.0.1)
    nokogiri (1.16.2)
      mini_portile2 (~> 2.8.2)
      racc (~> 1.4)
    oauth (0.5.5)
    pry (0.10.4)
      coderay (~> 1.1.0)
      method_source (~> 0.8.1)
      slop (~> 3.4)
    racc (1.7.3)
    rack (2.2.8.1)
    rack-protection (2.2.3)
      rack
    ruby2_keywords (0.0.5)
    sequel (4.43.0)
    sinatra (2.2.3)
      mustermann (~> 2.0)
      rack (~> 2.2)
      rack-protection (= 2.2.3)
      tilt (~> 2.0)
    slop (3.6.0)
    sqlite3 (1.3.13)
    tilt (2.0.11)

PLATFORMS
  ruby

DEPENDENCIES
  dotenv (~> 2.2.0)
  nokogiri (~> 1.16.2)
  oauth (~> 0.5.5)
  pry (~> 0.10.4)
  sequel (~> 4.43.0)
  sinatra (~> 2.2.3)
  sqlite3 (~> 1.3.13)
